GEM
  remote: https://rubygems.org/
  specs:
    async (2.21.1)
      console (~> 1.29)
      fiber-annotation
      io-event (~> 1.6, >= 1.6.5)
    async-container (0.18.3)
      async (~> 2.10)
    async-http (0.86.0)
      async (>= 2.10.2)
      async-pool (~> 0.9)
      io-endpoint (~> 0.14)
      io-stream (~> 0.6)
      metrics (~> 0.12)
      protocol-http (~> 0.43)
      protocol-http1 (>= 0.28.1)
      protocol-http2 (~> 0.22)
      traces (~> 0.10)
    async-http-cache (0.4.4)
      async-http (~> 0.56)
    async-pool (0.10.2)
      async (>= 1.25)
      traces
    async-service (0.12.0)
      async
      async-container (~> 0.16)
    bake (0.21.0)
      bigdecimal
      samovar (~> 2.1)
    base64 (0.2.0)
    bigdecimal (3.1.9)
    coderay (1.1.3)
    concurrent-ruby (1.3.5)
    console (1.29.2)
      fiber-annotation
      fiber-local (~> 1.1)
      json
    date (3.4.1)
    falcon (0.48.4)
      async
      async-container (~> 0.18)
      async-http (~> 0.75)
      async-http-cache (~> 0.4)
      async-service (~> 0.10)
      bundler
      localhost (~> 1.1)
      openssl (~> 3.0)
      process-metrics (~> 0.2)
      protocol-http (~> 0.31)
      protocol-rack (~> 0.7)
      samovar (~> 2.3)
    ffi (1.17.1)
    ffi (1.17.1-arm64-darwin)
    fiber-annotation (0.2.0)
    fiber-local (1.1.0)
      fiber-storage
    fiber-storage (1.0.0)
    formatador (1.1.0)
    guard (2.19.1)
      formatador (>= 0.2.4)
      listen (>= 2.7, < 4.0)
      logger (~> 1.6)
      lumberjack (>= 1.0.12, < 2.0)
      nenv (~> 0.1)
      notiffany (~> 0.0)
      ostruct (~> 0.6)
      pry (>= 0.13.0)
      shellany (~> 0.0)
      thor (>= 0.18.1)
    guard-compat (1.2.1)
    guard-falcon (0.14.0)
      console (~> 1.0)
      falcon (~> 0.35)
      guard
      guard-compat (~> 1.2)
    http-accept (2.2.1)
    io-endpoint (0.14.0)
    io-event (1.7.5)
    io-stream (0.6.1)
    json (2.9.1)
    listen (3.9.0)
      rb-fsevent (~> 0.10, >= 0.10.3)
      rb-inotify (~> 0.9, >= 0.9.10)
    localhost (1.3.1)
    logger (1.6.5)
    lumberjack (1.2.10)
    mail (2.8.1)
      mini_mime (>= 0.1.1)
      net-imap
      net-pop
      net-smtp
    mapping (1.1.1)
    method_source (1.1.0)
    metrics (0.12.1)
    mime-types (3.6.0)
      logger
      mime-types-data (~> 3.2015)
    mime-types-data (3.2025.0107)
    mini_mime (1.1.5)
    msgpack (1.7.5)
    mustermann (3.0.3)
      ruby2_keywords (~> 0.0.1)
    nenv (0.3.0)
    net-imap (0.5.5)
      date
      net-protocol
    net-pop (0.1.2)
      net-protocol
    net-protocol (0.2.2)
      timeout
    net-smtp (0.5.0)
    notiffany (0.1.3)
      nenv (~> 0.1)
      shellany (~> 0.0)
    openssl (3.3.0)
    ostruct (0.6.1)
    process-metrics (0.3.0)
      console (~> 1.8)
      json (~> 2)
      samovar (~> 2.1)
    protocol-hpack (1.5.1)
    protocol-http (0.47.1)
    protocol-http1 (0.28.1)
      protocol-http (~> 0.22)
    protocol-http2 (0.22.0)
      protocol-hpack (~> 1.4)
      protocol-http (~> 0.18)
    protocol-rack (0.11.1)
      protocol-http (~> 0.43)
      rack (>= 1.0)
    pry (0.15.2)
      coderay (~> 1.1)
      method_source (~> 1.0)
    rack (3.1.8)
    rack-protection (4.1.1)
      base64 (>= 0.1.0)
      logger (>= 1.6.0)
      rack (>= 3.0.0, < 4)
    rack-session (2.1.0)
      base64 (>= 0.1.0)
      rack (>= 3.0.0)
    rackup (2.2.1)
      rack (>= 3)
    rb-fsevent (0.11.2)
    rb-inotify (0.11.1)
      ffi (~> 1.0)
    ruby2_keywords (0.0.5)
    samovar (2.3.0)
      console (~> 1.0)
      mapping (~> 1.0)
    shellany (0.0.1)
    sinatra (4.1.1)
      logger (>= 1.6.0)
      mustermann (~> 3.0)
      rack (>= 3.0.0, < 4)
      rack-protection (= 4.1.1)
      rack-session (>= 2.0.0, < 3)
      tilt (~> 2.0)
    thor (1.3.2)
    thread-local (1.1.0)
    tilt (2.6.0)
    timeout (0.4.3)
    traces (0.14.1)
    utopia (2.25.0)
      bake (~> 0.20)
      concurrent-ruby (~> 1.2)
      console (~> 1.24)
      http-accept (~> 2.1)
      mail (~> 2.6)
      mime-types (~> 3.0)
      msgpack
      net-smtp
      rack (~> 3.0)
      samovar (~> 2.1)
      traces (~> 0.10)
      variant (~> 0.1)
      xrb (~> 0.4)
    variant (0.1.1)
      thread-local
    xrb (0.11.1)

PLATFORMS
  arm64-darwin-23
  ruby

DEPENDENCIES
  falcon
  guard
  guard-falcon
  net-smtp
  rackup (~> 2.2)
  sinatra
  utopia (~> 2.25)

BUNDLED WITH
   2.5.23
